GEM
  remote: https://rubygems.org/
  specs:
    rb-fsevent (0.9.4)
    sass (3.2.5)
    webrick (1.3.1)

PLATFORMS
  ruby

DEPENDENCIES
  rb-fsevent
  sass
  webrick
